PATH
  remote: .
  specs:
    elastictastic (0.1.0)
      activesupport (~> 3.0)
      hashie
      i18n

GEM
  specs:
    activesupport (3.0.9)
    diff-lcs (1.1.2)
    hashie (1.0.0)
    i18n (0.5.0)
    rspec (2.5.0)
      rspec-core (~> 2.5.0)
      rspec-expectations (~> 2.5.0)
      rspec-mocks (~> 2.5.0)
    rspec-core (2.5.2)
    rspec-expectations (2.5.0)
      diff-lcs (~> 1.1.2)
    rspec-mocks (2.5.0)

PLATFORMS
  ruby

DEPENDENCIES
  elastictastic!
  rspec (~> 2.0)
