PATH
  remote: .
  specs:
    elastictastic (0.10.8)
      activemodel (~> 3.0)
      activesupport (~> 3.0)
      hashie
      i18n
      multi_json

GEM
  remote: http://rubygems.org/
  specs:
    activemodel (3.2.11)
      activesupport (= 3.2.11)
      builder (~> 3.0.0)
    activesupport (3.2.11)
      i18n (~> 0.6)
      multi_json (~> 1.0)
    builder (3.0.4)
    diff-lcs (1.1.3)
    fakeweb (1.3.0)
    hashie (1.2.0)
    i18n (0.6.1)
    multi_json (1.5.0)
    rspec (2.12.0)
      rspec-core (~> 2.12.0)
      rspec-expectations (~> 2.12.0)
      rspec-mocks (~> 2.12.0)
    rspec-core (2.12.2)
    rspec-expectations (2.12.1)
      diff-lcs (~> 1.1.3)
    rspec-mocks (2.12.1)
    yard (0.8.3)

PLATFORMS
  ruby

DEPENDENCIES
  elastictastic!
  fakeweb (~> 1.3)
  rspec (~> 2.0)
  yard (~> 0.6)
